GEM
  remote: http://rubygems.org/
  specs:
    ast (2.3.0)
    childprocess (0.5.9)
      ffi (~> 1.0, >= 1.0.11)
    daemons (1.2.3)
    diff-lcs (1.2.5)
    eventmachine (1.0.7)
    faye-websocket (0.10.4)
      eventmachine (>= 0.12.0)
      websocket-driver (>= 0.5.1)
    ffi (1.9.10)
    json_pure (1.8.3)
    membrane (1.1.0)
    mysql2 (0.3.20)
    nats (0.6.0)
      daemons (~> 1.1, >= 1.2.2)
      eventmachine (~> 1.0, = 1.0.7)
      json_pure (~> 1.8, >= 1.8.1)
      thin (~> 1.6, >= 1.6.3)
    net-sftp (2.1.2)
      net-ssh (>= 2.6.5)
    net-ssh (3.2.0)
    parse-cron (0.1.4)
    parser (2.3.1.2)
      ast (~> 2.2)
    pg (0.18.4)
    powerpack (0.1.1)
    rack (1.6.4)
    rack-protection (1.5.3)
      rack
    rack-ssl (1.4.1)
      rack
    rainbow (2.1.0)
    rspec (2.99.0)
      rspec-core (~> 2.99.0)
      rspec-expectations (~> 2.99.0)
      rspec-mocks (~> 2.99.0)
    rspec-core (2.99.2)
    rspec-expectations (2.99.2)
      diff-lcs (>= 1.1.3, < 2.0)
    rspec-mocks (2.99.4)
    rubocop (0.41.1)
      parser (>= 2.3.1.1, < 3.0)
      powerpack (~> 0.1)
      rainbow (>= 1.99.1, < 3.0)
      ruby-progressbar (~> 1.7)
      unicode-display_width (~> 1.0, >= 1.0.1)
    ruby-progressbar (1.8.1)
    ruby_protobuf (0.4.11)
    rubyzip (1.2.0)
    selenium-webdriver (2.53.3)
      childprocess (~> 0.5)
      rubyzip (~> 1.0)
      websocket (~> 1.0)
    sequel (4.35.0)
    sequel_pg (1.6.17)
      pg (>= 0.8.0)
      sequel (>= 4.0.0)
    sinatra (1.4.7)
      rack (~> 1.5)
      rack-protection (~> 1.4)
      tilt (>= 1.3, < 3)
    sqlite3 (1.3.11)
    thin (1.7.0)
      daemons (~> 1.0, >= 1.0.9)
      eventmachine (~> 1.0, >= 1.0.4)
      rack (>= 1, < 3)
    tilt (2.0.5)
    unicode-display_width (1.1.0)
    websocket (1.2.3)
    websocket-driver (0.6.4)
      websocket-extensions (>= 0.1.0)
    websocket-extensions (0.1.2)
    yajl-ruby (1.2.1)

PLATFORMS
  ruby

DEPENDENCIES
  faye-websocket (= 0.10.4)
  membrane (= 1.1.0)
  mysql2 (= 0.3.20)
  nats (= 0.6.0)
  net-sftp (= 2.1.2)
  parse-cron (= 0.1.4)
  rack-ssl (= 1.4.1)
  rspec (= 2.99.0)
  rubocop (= 0.41.1)
  ruby_protobuf (= 0.4.11)
  selenium-webdriver (= 2.53.3)
  sequel (= 4.35.0)
  sequel_pg (= 1.6.17)
  sinatra (= 1.4.7)
  sqlite3 (= 1.3.11)
  yajl-ruby (= 1.2.1)

BUNDLED WITH
   1.11.2
